GEM
  remote: https://rubygems.org/
  specs:
    aws-eventstream (1.2.0)
    aws-partitions (1.573.0)
    aws-sdk-cloudfront (1.63.0)
      aws-sdk-core (~> 3, >= 3.127.0)
      aws-sigv4 (~> 1.1)
    aws-sdk-core (3.130.0)
      aws-eventstream (~> 1, >= 1.0.2)
      aws-partitions (~> 1, >= 1.525.0)
      aws-sigv4 (~> 1.1)
      jmespath (~> 1.0)
    aws-sdk-kms (1.55.0)
      aws-sdk-core (~> 3, >= 3.127.0)
      aws-sigv4 (~> 1.1)
    aws-sdk-s3 (1.113.0)
      aws-sdk-core (~> 3, >= 3.127.0)
      aws-sdk-kms (~> 1)
      aws-sigv4 (~> 1.4)
    aws-sigv4 (1.4.0)
      aws-eventstream (~> 1, >= 1.0.2)
    builder (3.2.4)
    coderay (1.1.3)
    dotenv (2.7.6)
    jmespath (1.6.1)
    method_source (1.0.0)
    nio4r (2.5.8)
    nokogiri (1.13.3-arm64-darwin)
      racc (~> 1.4)
    nokogiri (1.13.3-x86_64-darwin)
      racc (~> 1.4)
    pry (0.14.1)
      coderay (~> 1.1)
      method_source (~> 1.0)
    puma (5.6.4)
      nio4r (~> 2.0)
    racc (1.6.0)
    redcarpet (3.5.1)
    rouge (3.28.0)
    slim (4.1.0)
      temple (>= 0.7.6, < 0.9)
      tilt (>= 2.0.6, < 2.1)
    temple (0.8.2)
    tilt (2.0.10)

PLATFORMS
  arm64-darwin-21
  x86_64-darwin-20

DEPENDENCIES
  aws-sdk-cloudfront
  aws-sdk-s3
  builder
  dotenv
  nokogiri
  pry
  puma
  redcarpet
  rouge
  slim
  tilt

BUNDLED WITH
   2.3.9
